GIT
  remote: https://github.com/irrationalfab/PrettyBacon.git
  revision: 1eeb06f7d381acd65414b86b42fdf3538faae01c
  branch: master
  specs:
    prettybacon (0.0.2)
      bacon (~> 1.2)

GEM
  remote: http://rubygems.org/
  specs:
    activesupport (4.2.3)
      i18n (~> 0.7)
      json (~> 1.7, >= 1.7.7)
      minitest (~> 5.1)
      thread_safe (~> 0.3, >= 0.3.4)
      tzinfo (~> 1.1)
    addressable (2.3.6)
    aggregate (0.2.2)
    arel (5.0.1.20140414130214)
    ast (2.0.0)
    astrolabe (1.3.0)
      parser (>= 2.2.0.pre.3, < 3.0)
    bacon (1.2.0)
    cod (0.6.0)
    connection_pool (2.1.3)
    data_objects (0.10.14)
      addressable (~> 2.1)
    dm-core (1.2.1)
      addressable (~> 2.3)
    dm-do-adapter (1.2.0)
      data_objects (~> 0.10.6)
      dm-core (~> 1.2.0)
    dm-postgres-adapter (1.2.0)
      dm-do-adapter (~> 1.2.0)
      do_postgres (~> 0.10.6)
    do_postgres (0.10.14)
      data_objects (= 0.10.14)
    dotenv (0.11.1)
      dotenv-deployment (~> 0.0.2)
    dotenv-deployment (0.0.2)
    ffi (1.9.6)
    flounder (1.0.1)
      aggregate (~> 0.2, >= 0.2.2)
      arel (~> 5, > 5.0.1)
      connection_pool (~> 2)
      pg (~> 0.17)
      pg-hstore (~> 1.2, >= 1.2.0)
    foreman (0.75.0)
      dotenv (~> 0.11.1)
      thor (~> 0.19.1)
    google_hash (0.8.8)
      sane (~> 0)
    hashie (3.3.2)
    i18n (0.7.0)
    json (1.8.3)
    kgio (2.9.2)
    kicker (3.0.0)
      listen (~> 1.3.0)
      notify (~> 0.5.2)
    listen (1.3.1)
      rb-fsevent (>= 0.9.3)
      rb-inotify (>= 0.9)
      rb-kqueue (>= 0.2)
    memory_profiler (0.9.4)
    metaclass (0.0.4)
    minitest (5.7.0)
    mocha (0.11.4)
      metaclass (~> 0.0.1)
    mocha-on-bacon (0.2.1)
      mocha (>= 0.9.8)
    multi_json (1.11.1)
    nap (0.8.0)
    notify (0.5.2)
    os (0.9.6)
    parser (2.2.0.pre.7)
      ast (>= 1.1, < 3.0)
      slop (~> 3.4, >= 3.4.5)
    pg (0.18.1)
    pg-hstore (1.2.0)
    picky (4.31.1)
      activesupport
      multi_json (~> 1.3)
      rack_fast_escape (~> 2009.0)
    picky-client (4.31.1)
      activesupport
      yajl-ruby (~> 1.2)
    powerpack (0.0.9)
    rack (1.6.0)
    rack-protection (1.5.3)
      rack
    rack-test (0.6.2)
      rack (>= 1.0)
    rack_fast_escape (2009.06.24)
      url_escape
    rainbow (2.0.0)
    raindrops (0.13.0)
    rake (10.3.2)
    rb-fsevent (0.9.4)
    rb-inotify (0.9.5)
      ffi (>= 0.5.0)
    rb-kqueue (0.2.3)
      ffi (>= 0.5.0)
    rubocop (0.27.0)
      astrolabe (~> 1.3)
      parser (>= 2.2.0.pre.6, < 3.0)
      powerpack (~> 0.0.6)
      rainbow (>= 1.99.1, < 3.0)
      ruby-progressbar (~> 1.4)
    ruby-progressbar (1.7.0)
    ruby-stemmer (0.9.3)
    sane (0.25.8)
      os (~> 0)
    sinatra (1.4.5)
      rack (~> 1.4)
      rack-protection (~> 1.4)
      tilt (~> 1.3, >= 1.3.4)
    slop (3.6.0)
    thor (0.19.1)
    thread_safe (0.3.5)
    tilt (1.4.1)
    tzinfo (1.2.2)
      thread_safe (~> 0.1)
    unicorn (4.8.3)
      kgio (~> 2.6)
      rack
      raindrops (~> 0.7)
    url_escape (2009.06.24)
    yajl-ruby (1.2.1)

PLATFORMS
  ruby

DEPENDENCIES
  bacon
  bundler
  cod
  dm-postgres-adapter
  flounder
  foreman
  google_hash
  hashie
  kicker
  memory_profiler
  mocha (~> 0.11.4)
  mocha-on-bacon
  nap (~> 0.8.0)
  pg
  picky (~> 4.31.0)
  picky-client (~> 4.31.0)
  prettybacon!
  rack-test
  rack_fast_escape (= 2009.06.24)
  rake
  rubocop
  ruby-stemmer
  sinatra
  unicorn
  yajl-ruby

BUNDLED WITH
   1.10.5
