GEM
  remote: http://rubygems.org/
  specs:
    activesupport (3.2.16)
      i18n (~> 0.6, >= 0.6.4)
      multi_json (~> 1.0)
    cocoapods-core (0.29.0)
      activesupport (>= 3.2.15, < 4)
      fuzzy_match (~> 2.0.4)
      json_pure (~> 1.8)
      nap (~> 0.5)
    daemons (1.1.9)
    diff-lcs (1.2.5)
    dotenv (0.9.0)
    eventmachine (1.0.3)
    foreman (0.63.0)
      dotenv (>= 0.7)
      thor (>= 0.13.6)
    fuzzy_match (2.0.4)
    i18n (0.6.9)
    json_pure (1.8.1)
    multi_json (1.8.2)
    nap (0.6.0)
    picky (4.19.4)
      activesupport (>= 3.0)
      multi_json
      rack_fast_escape
      text
    picky-client (4.19.4)
      activesupport (>= 3.0)
      yajl-ruby
    procrastinate (0.6.0)
      state_machine (~> 1.1)
    rack (1.5.2)
    rack-protection (1.5.1)
      rack
    rack_fast_escape (2009.06.24)
      url_escape
    rake (10.1.1)
    rspec (2.14.1)
      rspec-core (~> 2.14.0)
      rspec-expectations (~> 2.14.0)
      rspec-mocks (~> 2.14.0)
    rspec-core (2.14.7)
    rspec-expectations (2.14.4)
      diff-lcs (>= 1.1.3, < 2.0)
    rspec-mocks (2.14.4)
    sinatra (1.4.4)
      rack (~> 1.4)
      rack-protection (~> 1.4)
      tilt (~> 1.3, >= 1.3.4)
    state_machine (1.2.0)
    text (1.2.3)
    thin (1.6.1)
      daemons (>= 1.0.9)
      eventmachine (>= 1.0.0)
      rack (>= 1.0.0)
    thor (0.18.1)
    tilt (1.4.1)
    url_escape (2009.06.24)
    yajl-ruby (1.2.0)

PLATFORMS
  ruby

DEPENDENCIES
  bundler
  cocoapods-core
  foreman
  picky (~> 4.19)
  picky-client (~> 4.19)
  procrastinate
  rack
  rack_fast_escape (= 2009.06.24)
  rake
  rspec
  sinatra
  text
  thin
  yajl-ruby
