GEM
  remote: http://rubygems.org/
  specs:
    activemodel (3.1.1)
      activesupport (= 3.1.1)
      builder (~> 3.0.0)
      i18n (~> 0.6)
    activerecord (3.1.1)
      activemodel (= 3.1.1)
      activesupport (= 3.1.1)
      arel (~> 2.2.1)
      tzinfo (~> 0.3.29)
    activesupport (3.1.1)
      multi_json (~> 1.0)
    arel (2.2.1)
    builder (3.0.0)
    cocoapods (0.3.4)
      xcodeproj (~> 0.0.2)
    daemons (1.1.4)
    diff-lcs (1.1.3)
    eventmachine (0.12.10)
    haml (3.1.3)
    i18n (0.6.0)
    kgio (2.6.0)
    multi_json (1.0.3)
    mysql (2.8.1)
    picky (3.5.4)
      activerecord (~> 3.0)
      activesupport (~> 3.0)
      mysql
      rack
      rack_fast_escape
      redis
      sinatra
      text
      unicorn
      yajl-ruby
    picky-client (3.5.4)
      activesupport (>= 3.0.0)
      yajl-ruby (>= 0.7.8)
    rack (1.3.5)
    rack-protection (1.1.4)
      rack
    rack_fast_escape (2009.06.24)
      url_escape
    raindrops (0.8.0)
    rake (0.9.2.2)
    redis (2.2.2)
    rspec (2.7.0)
      rspec-core (~> 2.7.0)
      rspec-expectations (~> 2.7.0)
      rspec-mocks (~> 2.7.0)
    rspec-core (2.7.1)
    rspec-expectations (2.7.0)
      diff-lcs (~> 1.1.2)
    rspec-mocks (2.7.0)
    sinatra (1.3.1)
      rack (~> 1.3, >= 1.3.4)
      rack-protection (~> 1.1, >= 1.1.2)
      tilt (~> 1.3, >= 1.3.3)
    text (0.2.0)
    thin (1.3.1)
      daemons (>= 1.0.9)
      eventmachine (>= 0.12.6)
      rack (>= 1.0.0)
    tilt (1.3.3)
    tzinfo (0.3.31)
    unicorn (4.1.1)
      kgio (~> 2.4)
      rack
      raindrops (~> 0.6)
    url_escape (2009.06.24)
    xcodeproj (0.0.2)
    yajl-ruby (1.1.0)

PLATFORMS
  ruby

DEPENDENCIES
  activerecord (~> 3.0)
  activesupport
  bundler
  cocoapods
  haml
  i18n
  picky (~> 3.0)
  picky-client (~> 3.0)
  rack
  rack_fast_escape (= 2009.06.24)
  rake
  rspec
  sinatra
  text
  thin
  yajl-ruby
