GIT
  remote: https://github.com/irrationalfab/PrettyBacon.git
  revision: eaf7e6c786fd5ccc6fb88e943bf7c5e6c27569a3
  branch: master
  specs:
    prettybacon (0.0.1)
      bacon (~> 1.2)

GEM
  remote: http://rubygems.org/
  specs:
    activesupport (3.2.16)
      i18n (~> 0.6, >= 0.6.4)
      multi_json (~> 1.0)
    bacon (1.2.0)
    dotenv (0.9.0)
    ffi (1.9.3)
    foreman (0.63.0)
      dotenv (>= 0.7)
      thor (>= 0.13.6)
    gabba (1.0.1)
    i18n (0.6.9)
    kgio (2.9.1)
    kicker (3.0.0)
      listen (~> 1.3.0)
      notify (~> 0.5.2)
    listen (1.3.1)
      rb-fsevent (>= 0.9.3)
      rb-inotify (>= 0.9)
      rb-kqueue (>= 0.2)
    metaclass (0.0.2)
    mocha (0.11.4)
      metaclass (~> 0.0.1)
    mocha-on-bacon (0.2.1)
      mocha (>= 0.9.8)
    multi_json (1.8.4)
    newrelic_rpm (3.7.2.192)
    notify (0.5.2)
    pg (0.17.1)
    picky (4.20.1)
      activesupport (~> 3)
      multi_json (~> 1.3)
      rack_fast_escape (~> 2009.0)
      text (~> 1.2)
    picky-client (4.20.1)
      activesupport
      yajl-ruby (~> 1.2)
    rack (1.5.2)
    rack-protection (1.5.2)
      rack
    rack-test (0.6.2)
      rack (>= 1.0)
    rack_fast_escape (2009.06.24)
      url_escape
    raindrops (0.12.0)
    rake (10.1.1)
    rb-fsevent (0.9.4)
    rb-inotify (0.9.3)
      ffi (>= 0.5.0)
    rb-kqueue (0.2.0)
      ffi (>= 0.5.0)
    sequel (4.11.0)
    sinatra (1.4.4)
      rack (~> 1.4)
      rack-protection (~> 1.4)
      tilt (~> 1.3, >= 1.3.4)
    text (1.2.3)
    thor (0.18.1)
    tilt (1.4.1)
    unicorn (4.8.2)
      kgio (~> 2.6)
      rack
      raindrops (~> 0.7)
    url_escape (2009.06.24)
    yajl-ruby (1.2.0)

PLATFORMS
  ruby

DEPENDENCIES
  bacon
  bundler
  foreman
  gabba
  kicker
  mocha (~> 0.11.4)
  mocha-on-bacon
  newrelic_rpm
  pg
  picky (~> 4.20.0)
  picky-client (~> 4.20.0)
  prettybacon!
  rack-test
  rack_fast_escape (= 2009.06.24)
  rake
  sequel
  sinatra
  text
  unicorn
  yajl-ruby
