GIT
  remote: https://github.com/CocoaPods/Core.git
  revision: f971122dd0b94efcb872efbe85c2db9d0166e00f
  branch: master
  specs:
    cocoapods-core (0.34.2)
      activesupport (>= 3.2.15)
      fuzzy_match (~> 2.0.4)
      json_pure (~> 1.8)
      nap (~> 0.8.0)

GIT
  remote: https://github.com/irrationalfab/PrettyBacon.git
  revision: 1eeb06f7d381acd65414b86b42fdf3538faae01c
  branch: master
  specs:
    prettybacon (0.0.2)
      bacon (~> 1.2)

GEM
  remote: http://rubygems.org/
  specs:
    activesupport (4.1.6)
      i18n (~> 0.6, >= 0.6.9)
      json (~> 1.7, >= 1.7.7)
      minitest (~> 5.1)
      thread_safe (~> 0.1)
      tzinfo (~> 1.1)
    bacon (1.2.0)
    dotenv (0.11.1)
      dotenv-deployment (~> 0.0.2)
    dotenv-deployment (0.0.2)
    ffi (1.9.6)
    foreman (0.75.0)
      dotenv (~> 0.11.1)
      thor (~> 0.19.1)
    fuzzy_match (2.0.4)
    gabba (1.0.1)
    i18n (0.6.11)
    json (1.8.1)
    json_pure (1.8.1)
    kgio (2.9.2)
    kicker (3.0.0)
      listen (~> 1.3.0)
      notify (~> 0.5.2)
    listen (1.3.1)
      rb-fsevent (>= 0.9.3)
      rb-inotify (>= 0.9)
      rb-kqueue (>= 0.2)
    metaclass (0.0.4)
    minitest (5.4.2)
    mocha (0.11.4)
      metaclass (~> 0.0.1)
    mocha-on-bacon (0.2.1)
      mocha (>= 0.9.8)
    multi_json (1.10.1)
    nap (0.8.0)
    newrelic_rpm (3.9.5.251)
    notify (0.5.2)
    picky (4.22.0)
      activesupport
      multi_json (~> 1.3)
      rack_fast_escape (~> 2009.0)
      text (~> 1.2)
    picky-client (4.22.0)
      activesupport
      yajl-ruby (~> 1.2)
    rack (1.5.2)
    rack-protection (1.5.3)
      rack
    rack-test (0.6.2)
      rack (>= 1.0)
    rack_fast_escape (2009.06.24)
      url_escape
    raindrops (0.13.0)
    rake (10.3.2)
    rb-fsevent (0.9.4)
    rb-inotify (0.9.5)
      ffi (>= 0.5.0)
    rb-kqueue (0.2.3)
      ffi (>= 0.5.0)
    sinatra (1.4.5)
      rack (~> 1.4)
      rack-protection (~> 1.4)
      tilt (~> 1.3, >= 1.3.4)
    text (1.3.0)
    thor (0.19.1)
    thread_safe (0.3.4)
    tilt (1.4.1)
    tzinfo (1.2.2)
      thread_safe (~> 0.1)
    unicorn (4.8.3)
      kgio (~> 2.6)
      rack
      raindrops (~> 0.7)
    url_escape (2009.06.24)
    yajl-ruby (1.2.1)

PLATFORMS
  ruby

DEPENDENCIES
  bacon
  bundler
  cocoapods-core!
  foreman
  gabba
  kicker
  mocha (~> 0.11.4)
  mocha-on-bacon
  newrelic_rpm
  picky (~> 4.20)
  picky-client (~> 4.20)
  prettybacon!
  rack-test
  rack_fast_escape (= 2009.06.24)
  rake
  sinatra
  text
  unicorn
  yajl-ruby
