GEM
  remote: http://rubygems.org/
  specs:
    activemodel (3.2.14)
      activesupport (= 3.2.14)
      builder (~> 3.0.0)
    activerecord (3.2.14)
      activemodel (= 3.2.14)
      activesupport (= 3.2.14)
      arel (~> 3.0.2)
      tzinfo (~> 0.3.29)
    activesupport (3.2.14)
      i18n (~> 0.6, >= 0.6.4)
      multi_json (~> 1.0)
    arel (3.0.2)
    builder (3.0.4)
    cocoapods-core (0.22.3)
      activesupport (~> 3.2.13)
      json (~> 1.8.0)
      nap (~> 0.5.1)
    cod (0.5.0)
    daemons (1.1.9)
    diff-lcs (1.2.4)
    dotenv (0.8.0)
    eventmachine (1.0.3)
    foreman (0.63.0)
      dotenv (>= 0.7)
      thor (>= 0.13.6)
    haml (4.0.3)
      tilt
    i18n (0.6.4)
    json (1.8.0)
    multi_json (1.7.7)
    nap (0.5.1)
    picky (4.17.1)
      activesupport (>= 3.0)
      multi_json
      rack_fast_escape
      text
    picky-client (4.17.0)
      activesupport (>= 3.0)
      yajl-ruby
    procrastinate (0.5.0)
      cod (~> 0.5)
      state_machine (~> 1.1)
    rack (1.5.2)
    rack-protection (1.5.0)
      rack
    rack_fast_escape (2009.06.24)
      url_escape
    rake (10.1.0)
    rspec (2.14.1)
      rspec-core (~> 2.14.0)
      rspec-expectations (~> 2.14.0)
      rspec-mocks (~> 2.14.0)
    rspec-core (2.14.4)
    rspec-expectations (2.14.0)
      diff-lcs (>= 1.1.3, < 2.0)
    rspec-mocks (2.14.1)
    sinatra (1.4.3)
      rack (~> 1.4)
      rack-protection (~> 1.4)
      tilt (~> 1.3, >= 1.3.4)
    state_machine (1.2.0)
    text (1.2.1)
    thin (1.5.1)
      daemons (>= 1.0.9)
      eventmachine (>= 0.12.6)
      rack (>= 1.0.0)
    thor (0.18.1)
    tilt (1.4.1)
    tzinfo (0.3.37)
    url_escape (2009.06.24)
    yajl-ruby (1.1.0)

PLATFORMS
  ruby

DEPENDENCIES
  activerecord (~> 3.0)
  activesupport
  bundler
  cocoapods-core
  foreman
  haml
  i18n
  picky (~> 4.17.1)
  picky-client (~> 4)
  procrastinate
  rack
  rack_fast_escape (= 2009.06.24)
  rake
  rspec
  sinatra
  text
  thin
  yajl-ruby
